GIT
  remote: git://github.com/ebdrummond/sales_engine.git
  revision: 1aca6e962884136216a8162b3e97d8280b53db67
  specs:
    sales_engine (0.0.1)

GIT
  remote: https://github.com/JumpstartLab/sales_engine_spec_harness
  revision: 19961734cadec4181fa002259f7d3ab672e99979
  specs:
    sales_engine_spec_harness (0.0.1)

GEM
  remote: https://rubygems.org/
  specs:
    diff-lcs (1.1.3)
    rspec (2.12.0)
      rspec-core (~> 2.12.0)
      rspec-expectations (~> 2.12.0)
      rspec-mocks (~> 2.12.0)
    rspec-core (2.12.2)
    rspec-expectations (2.12.1)
      diff-lcs (~> 1.1.3)
    rspec-mocks (2.12.2)

PLATFORMS
  ruby

DEPENDENCIES
  rspec
  sales_engine!
  sales_engine_spec_harness!
