GEM
  specs:
    coderay (1.0.8)
    method_source (0.8.1)
    multi_json (1.5.0)
    pry (0.9.12)
      coderay (~> 1.0.5)
      method_source (~> 0.8)
      slop (~> 3.4)
    simplecov (0.7.1)
      multi_json (~> 1.0)
      simplecov-html (~> 0.7.1)
    simplecov-html (0.7.1)
    slop (3.4.3)

PLATFORMS
  ruby

DEPENDENCIES
  pry
  simplecov
