GEM
  remote: https://rubygems.org/
  specs:
    cane (2.5.2)
      parallel
    diff-lcs (1.1.3)
    parallel (0.6.2)
    rake (10.0.3)
    reek (1.3.1)
      ruby2ruby (~> 2.0.2)
      ruby_parser (~> 3.1.1)
      sexp_processor
    rspec (2.12.0)
      rspec-core (~> 2.12.0)
      rspec-expectations (~> 2.12.0)
      rspec-mocks (~> 2.12.0)
    rspec-core (2.12.2)
    rspec-expectations (2.12.1)
      diff-lcs (~> 1.1.3)
    rspec-mocks (2.12.2)
    ruby2ruby (2.0.3)
      ruby_parser (~> 3.1)
      sexp_processor (~> 4.0)
    ruby_parser (3.1.1)
      sexp_processor (~> 4.1)
    sexp_processor (4.1.5)

PLATFORMS
  ruby

DEPENDENCIES
  cane
  rake
  reek
  rspec
